GEM
  remote: https://rubygems.org/
  specs:
    avro (1.8.1)
      multi_json
    avro_turf (0.7.2)
      avro (>= 1.7.7, < 1.9)
      excon (~> 0.45)
    excon (0.54.0)
    minitest (5.10.1)
    multi_json (1.12.1)

PLATFORMS
  ruby

DEPENDENCIES
  avro_turf
  minitest

BUNDLED WITH
   1.13.6
